GEM
  remote: https://rubygems.org/
  specs:
    coderay (1.1.3)
    i2c (0.4.2)
    i2c-bme280 (0.1.2)
      i2c (~> 0.4)
    influxdb-client (2.7.0)
    method_source (1.0.0)
    pry (0.14.1)
      coderay (~> 1.1)
      method_source (~> 1.0)
    ruby-termios (1.1.0)
    uart (1.0.0)
      ruby-termios

PLATFORMS
  armv7l-linux-eabihf

DEPENDENCIES
  i2c-bme280
  influxdb-client
  pry
  uart

BUNDLED WITH
   2.3.23
